GEM
  remote: https://rubygems.org/
  specs:
    envyable (1.2.0)
      thor (>= 0.18.1, < 2.0)
    httparty (0.14.0)
      multi_xml (>= 0.5.2)
    multi_xml (0.5.5)
    thor (0.19.1)

PLATFORMS
  ruby

DEPENDENCIES
  envyable
  httparty

BUNDLED WITH
   1.13.6
